GEM
  remote: https://rubygems.org/
  specs:
    json (2.3.1)

PLATFORMS
  ruby

DEPENDENCIES
  json (~> 2.2)

RUBY VERSION
   ruby 2.6.5p114

BUNDLED WITH
   2.1.4
